GEM
  remote: https://rubygems.org/
  specs:
    actioncable (7.0.4.3)
      actionpack (= 7.0.4.3)
      activesupport (= 7.0.4.3)
      nio4r (~> 2.0)
      websocket-driver (>= 0.6.1)
    actionmailbox (7.0.4.3)
      actionpack (= 7.0.4.3)
      activejob (= 7.0.4.3)
      activerecord (= 7.0.4.3)
      activestorage (= 7.0.4.3)
      activesupport (= 7.0.4.3)
      mail (>= 2.7.1)
      net-imap
      net-pop
      net-smtp
    actionmailer (7.0.4.3)
      actionpack (= 7.0.4.3)
      actionview (= 7.0.4.3)
      activejob (= 7.0.4.3)
      activesupport (= 7.0.4.3)
      mail (~> 2.5, >= 2.5.4)
      net-imap
      net-pop
      net-smtp
      rails-dom-testing (~> 2.0)
    actionpack (7.0.4.3)
      actionview (= 7.0.4.3)
      activesupport (= 7.0.4.3)
      rack (~> 2.0, >= 2.2.0)
      rack-test (>= 0.6.3)
      rails-dom-testing (~> 2.0)
      rails-html-sanitizer (~> 1.0, >= 1.2.0)
    actiontext (7.0.4.3)
      actionpack (= 7.0.4.3)
      activerecord (= 7.0.4.3)
      activestorage (= 7.0.4.3)
      activesupport (= 7.0.4.3)
      globalid (>= 0.6.0)
      nokogiri (>= 1.8.5)
    actionview (7.0.4.3)
      activesupport (= 7.0.4.3)
      builder (~> 3.1)
      erubi (~> 1.4)
      rails-dom-testing (~> 2.0)
      rails-html-sanitizer (~> 1.1, >= 1.2.0)
    activejob (7.0.4.3)
      activesupport (= 7.0.4.3)
      globalid (>= 0.3.6)
    activemodel (7.0.4.3)
      activesupport (= 7.0.4.3)
    activerecord (7.0.4.3)
      activemodel (= 7.0.4.3)
      activesupport (= 7.0.4.3)
    activestorage (7.0.4.3)
      actionpack (= 7.0.4.3)
      activejob (= 7.0.4.3)
      activerecord (= 7.0.4.3)
      activesupport (= 7.0.4.3)
      marcel (~> 1.0)
      mini_mime (>= 1.1.0)
    activesupport (7.0.4.3)
      concurrent-ruby (~> 1.0, >= 1.0.2)
      i18n (>= 1.6, < 2)
      minitest (>= 5.1)
      tzinfo (~> 2.0)
    addressable (2.8.4)
      public_suffix (>= 2.0.2, < 6.0)
    autoprefixer-rails (10.4.13.0)
      execjs (~> 2)
    bcrypt (3.1.18)
    bindex (0.8.1)
    blacklight (7.33.0)
      deprecation
      globalid
      hashdiff
      i18n (>= 1.7.0)
      jbuilder (~> 2.7)
      kaminari (>= 0.15)
      ostruct (>= 0.3.2)
      rails (>= 5.1, < 7.1)
      view_component (~> 2.66)
    blacklight-gallery (4.0.1)
      blacklight (~> 7.17)
      rails (>= 5.1, < 8)
    blacklight_advanced_search (7.0.0)
      blacklight (~> 7.0)
      parslet
    blacklight_range_limit (8.3.0)
      blacklight (>= 7.25.2, < 9)
      deprecation
    bootsnap (1.16.0)
      msgpack (~> 1.2)
    bootstrap (4.6.2)
      autoprefixer-rails (>= 9.1.0)
      popper_js (>= 1.16.1, < 2)
      sassc-rails (>= 2.0.0)
    builder (3.2.4)
    capybara (3.39.0)
      addressable
      matrix
      mini_mime (>= 0.1.3)
      nokogiri (~> 1.8)
      rack (>= 1.6.0)
      rack-test (>= 0.6.3)
      regexp_parser (>= 1.5, < 3.0)
      xpath (~> 3.2)
    coffee-rails (5.0.0)
      coffee-script (>= 2.2.0)
      railties (>= 5.2.0)
    coffee-script (2.4.1)
      coffee-script-source
      execjs
    coffee-script-source (1.12.2)
    concurrent-ruby (1.2.2)
    crass (1.0.6)
    date (3.3.3)
    debug (1.7.2)
      irb (>= 1.5.0)
      reline (>= 0.3.1)
    deprecation (1.1.0)
      activesupport
    devise (4.9.2)
      bcrypt (~> 3.0)
      orm_adapter (~> 0.1)
      railties (>= 4.1.0)
      responders
      warden (~> 1.2.3)
    devise-guests (0.8.1)
      devise
    domain_name (0.5.20190701)
      unf (>= 0.0.5, < 1.0.0)
    erubi (1.12.0)
    execjs (2.8.1)
    faraday (2.7.4)
      faraday-net_http (>= 2.0, < 3.1)
      ruby2_keywords (>= 0.0.4)
    faraday-net_http (3.0.2)
    ffi (1.15.5)
    ffi-compiler (1.0.1)
      ffi (>= 1.0.0)
      rake
    global_alerts (0.4.0)
      http
      rails (>= 5.0, < 7.1)
    globalid (1.1.0)
      activesupport (>= 5.0)
    hashdiff (1.0.1)
    http (5.1.1)
      addressable (~> 2.8)
      http-cookie (~> 1.0)
      http-form_data (~> 2.2)
      llhttp-ffi (~> 0.4.0)
    http-cookie (1.0.5)
      domain_name (~> 0.5)
    http-form_data (2.3.0)
    i18n (1.13.0)
      concurrent-ruby (~> 1.0)
    importmap-rails (1.1.6)
      actionpack (>= 6.0.0)
      railties (>= 6.0.0)
    io-console (0.6.0)
    irb (1.6.4)
      reline (>= 0.3.0)
    jbuilder (2.11.5)
      actionview (>= 5.0.0)
      activesupport (>= 5.0.0)
    jquery-rails (4.5.1)
      rails-dom-testing (>= 1, < 3)
      railties (>= 4.2.0)
      thor (>= 0.14, < 2.0)
    kaminari (1.2.2)
      activesupport (>= 4.1.0)
      kaminari-actionview (= 1.2.2)
      kaminari-activerecord (= 1.2.2)
      kaminari-core (= 1.2.2)
    kaminari-actionview (1.2.2)
      actionview
      kaminari-core (= 1.2.2)
    kaminari-activerecord (1.2.2)
      activerecord
      kaminari-core (= 1.2.2)
    kaminari-core (1.2.2)
    libv8-node (16.10.0.0-x86_64-darwin)
    libv8-node (16.10.0.0-x86_64-linux)
    llhttp-ffi (0.4.0)
      ffi-compiler (~> 1.0)
      rake (~> 13.0)
    loofah (2.20.0)
      crass (~> 1.0.2)
      nokogiri (>= 1.5.9)
    mail (2.8.1)
      mini_mime (>= 0.1.1)
      net-imap
      net-pop
      net-smtp
    marcel (1.0.2)
    matrix (0.4.2)
    method_source (1.0.0)
    mini_mime (1.1.2)
    mini_racer (0.6.3)
      libv8-node (~> 16.10.0.0)
    minitar (0.9)
    minitest (5.18.0)
    msgpack (1.7.0)
    net-http (0.3.2)
      uri
    net-imap (0.3.4)
      date
      net-protocol
    net-pop (0.1.2)
      net-protocol
    net-protocol (0.2.1)
      timeout
    net-smtp (0.3.3)
      net-protocol
    nio4r (2.5.9)
    nokogiri (1.14.3-x86_64-darwin)
      racc (~> 1.4)
    nokogiri (1.14.3-x86_64-linux)
      racc (~> 1.4)
    openseadragon (0.6.0)
      rails (> 3.2.0)
    orm_adapter (0.5.0)
    ostruct (0.5.5)
    parslet (2.0.0)
    passenger (6.0.17)
      rack
      rake (>= 0.8.1)
    popper_js (1.16.1)
    public_suffix (5.0.1)
    puma (5.6.7)
      nio4r (~> 2.0)
    racc (1.6.2)
    rack (2.2.7)
    rack-test (2.1.0)
      rack (>= 1.3)
    rails (7.0.4.3)
      actioncable (= 7.0.4.3)
      actionmailbox (= 7.0.4.3)
      actionmailer (= 7.0.4.3)
      actionpack (= 7.0.4.3)
      actiontext (= 7.0.4.3)
      actionview (= 7.0.4.3)
      activejob (= 7.0.4.3)
      activemodel (= 7.0.4.3)
      activerecord (= 7.0.4.3)
      activestorage (= 7.0.4.3)
      activesupport (= 7.0.4.3)
      bundler (>= 1.15.0)
      railties (= 7.0.4.3)
    rails-dom-testing (2.0.3)
      activesupport (>= 4.2.0)
      nokogiri (>= 1.6)
    rails-html-sanitizer (1.5.0)
      loofah (~> 2.19, >= 2.19.1)
    railties (7.0.4.3)
      actionpack (= 7.0.4.3)
      activesupport (= 7.0.4.3)
      method_source
      rake (>= 12.2)
      thor (~> 1.0)
      zeitwerk (~> 2.5)
    rake (13.0.6)
    regexp_parser (2.8.0)
    reline (0.3.3)
      io-console (~> 0.5)
    responders (3.1.0)
      actionpack (>= 5.2)
      railties (>= 5.2)
    retriable (3.1.2)
    rexml (3.2.5)
    rsolr (2.5.0)
      builder (>= 2.1.2)
      faraday (>= 0.9, < 3, != 2.0.0)
    ruby-progressbar (1.13.0)
    ruby2_keywords (0.0.5)
    rubyzip (2.3.2)
    sassc (2.4.0)
      ffi (~> 1.9)
    sassc-rails (2.1.2)
      railties (>= 4.0.0)
      sassc (>= 2.0)
      sprockets (> 3.0)
      sprockets-rails
      tilt
    selenium-webdriver (4.9.0)
      rexml (~> 3.2, >= 3.2.5)
      rubyzip (>= 1.2.2, < 3.0)
      websocket (~> 1.0)
    solr_wrapper (4.0.2)
      http
      minitar
      retriable
      ruby-progressbar
    sprockets (4.2.0)
      concurrent-ruby (~> 1.0)
      rack (>= 2.2.4, < 4)
    sprockets-rails (3.4.2)
      actionpack (>= 5.2)
      activesupport (>= 5.2)
      sprockets (>= 3.0.0)
    sqlite3 (1.6.2-x86_64-darwin)
    sqlite3 (1.6.2-x86_64-linux)
    stimulus-rails (1.2.1)
      railties (>= 6.0.0)
    thor (1.2.1)
    tilt (2.1.0)
    timeout (0.3.2)
    turbo-rails (1.4.0)
      actionpack (>= 6.0.0)
      activejob (>= 6.0.0)
      railties (>= 6.0.0)
    turbolinks (5.2.1)
      turbolinks-source (~> 5.2)
    turbolinks-source (5.2.0)
    twitter-typeahead-rails (0.11.1.pre.corejavascript)
      actionpack (>= 3.1)
      jquery-rails
      railties (>= 3.1)
    tzinfo (2.0.6)
      concurrent-ruby (~> 1.0)
    unf (0.1.4)
      unf_ext
    unf_ext (0.0.8.2)
    uri (0.12.1)
    view_component (2.82.0)
      activesupport (>= 5.2.0, < 8.0)
      concurrent-ruby (~> 1.0)
      method_source (~> 1.0)
    warden (1.2.9)
      rack (>= 2.0.9)
    web-console (4.2.0)
      actionview (>= 6.0.0)
      activemodel (>= 6.0.0)
      bindex (>= 0.4.0)
      railties (>= 6.0.0)
    webdrivers (5.2.0)
      nokogiri (~> 1.6)
      rubyzip (>= 1.3.0)
      selenium-webdriver (~> 4.0)
    websocket (1.2.9)
    websocket-driver (0.7.5)
      websocket-extensions (>= 0.1.0)
    websocket-extensions (0.1.5)
    xpath (3.2.0)
      nokogiri (~> 1.8)
    zeitwerk (2.6.8)

PLATFORMS
  x86_64-darwin-21
  x86_64-linux

DEPENDENCIES
  blacklight (<= 7.33.0)
  blacklight-gallery (= 4.0.1)
  blacklight_advanced_search
  blacklight_range_limit
  bootsnap
  bootstrap (~> 4.0)
  capybara
  coffee-rails
  debug
  devise
  devise-guests (~> 0.8)
  global_alerts
  importmap-rails
  jbuilder
  jquery-rails
  libv8-node (~> 16.10.0.0)
  mini_racer
  net-http
  openseadragon (>= 0.2.0)
  passenger (>= 5.0.25)
  puma (~> 5.6)
  rails (~> 7.0.4, >= 7.0.4.1)
  rsolr (>= 1.0, < 3)
  sassc-rails (~> 2.1)
  selenium-webdriver
  solr_wrapper (>= 0.3)
  sprockets-rails
  sqlite3 (~> 1.4)
  stimulus-rails
  turbo-rails
  turbolinks
  twitter-typeahead-rails (= 0.11.1.pre.corejavascript)
  tzinfo-data
  web-console
  webdrivers

RUBY VERSION
   ruby 2.7.6p219

BUNDLED WITH
   2.3.14
